GEM
  remote: https://rubygems.org/
  specs:
    concurrent-ruby (0.9.1)
    websocket-driver (0.6.2)
      websocket-extensions (>= 0.1.0)
    websocket-extensions (0.1.2)

PLATFORMS
  ruby

DEPENDENCIES
  concurrent-ruby
  websocket-driver

BUNDLED WITH
   1.10.3
